GEM
  remote: http://rubygems.org/
  specs:
    actionmailer (2.3.14)
      actionpack (= 2.3.14)
    actionpack (2.3.14)
      activesupport (= 2.3.14)
      rack (~> 1.1.0)
    activerecord (2.3.14)
      activesupport (= 2.3.14)
    activeresource (2.3.14)
      activesupport (= 2.3.14)
    activesupport (2.3.14)
    builder (3.0.0)
    feedtools (0.2.29)
      activerecord (>= 1.10.1)
      builder (>= 1.2.4)
      uuidtools (>= 1.0.0)
    httparty (0.8.1)
      multi_json
      multi_xml
    multi_json (1.1.0)
    multi_xml (0.4.1)
    pg (0.13.2)
    rack (1.1.3)
    rails (2.3.14)
      actionmailer (= 2.3.14)
      actionpack (= 2.3.14)
      activerecord (= 2.3.14)
      activeresource (= 2.3.14)
      activesupport (= 2.3.14)
      rake (>= 0.8.3)
    rake (0.9.2.2)
    uuidtools (2.1.2)

PLATFORMS
  ruby

DEPENDENCIES
  feedtools
  httparty
  pg
  rails (= 2.3.14)
